GEM
  remote: https://rubygems.org/
  specs:
    actioncable (5.1.2)
      actionpack (= 5.1.2)
      nio4r (~> 2.0)
      websocket-driver (~> 0.6.1)
    actionmailer (5.1.2)
      actionpack (= 5.1.2)
      actionview (= 5.1.2)
      activejob (= 5.1.2)
      mail (~> 2.5, >= 2.5.4)
      rails-dom-testing (~> 2.0)
    actionpack (5.1.2)
      actionview (= 5.1.2)
      activesupport (= 5.1.2)
      rack (~> 2.0)
      rack-test (~> 0.6.3)
      rails-dom-testing (~> 2.0)
      rails-html-sanitizer (~> 1.0, >= 1.0.2)
    actionview (5.1.2)
      activesupport (= 5.1.2)
      builder (~> 3.1)
      erubi (~> 1.4)
      rails-dom-testing (~> 2.0)
      rails-html-sanitizer (~> 1.0, >= 1.0.3)
    activejob (5.1.2)
      activesupport (= 5.1.2)
      globalid (>= 0.3.6)
    activemodel (5.1.2)
      activesupport (= 5.1.2)
    activemodel-serializers-xml (1.0.1)
      activemodel (> 5.x)
      activerecord (> 5.x)
      activesupport (> 5.x)
      builder (~> 3.1)
    activerecord (5.1.2)
      activemodel (= 5.1.2)
      activesupport (= 5.1.2)
      arel (~> 8.0)
    activesupport (5.1.2)
      concurrent-ruby (~> 1.0, >= 1.0.2)
      i18n (~> 0.7)
      minitest (~> 5.1)
      tzinfo (~> 1.1)
    addressable (2.5.1)
      public_suffix (~> 2.0, >= 2.0.2)
    arel (8.0.0)
    autoprefixer-rails (7.1.1.2)
      execjs
    awesome_print (1.7.0)
    benchmark-ips (2.7.2)
    better_errors (2.1.1)
      coderay (>= 1.0.0)
      erubis (>= 2.6.6)
      rack (>= 0.9.0)
    binding_of_caller (0.7.2)
      debug_inspector (>= 0.0.1)
    bugsnag (5.3.3)
    builder (3.2.3)
    bullet (5.5.1)
      activesupport (>= 3.0.0)
      uniform_notifier (~> 1.10.0)
    byebug (9.0.5)
    capybara (2.14.4)
      addressable
      mime-types (>= 1.16)
      nokogiri (>= 1.3.3)
      rack (>= 1.0.0)
      rack-test (>= 0.5.4)
      xpath (~> 2.0)
    capybara-screenshot (1.0.17)
      capybara (>= 1.0, < 3)
      launchy
    climate_control (0.0.3)
      activesupport (>= 3.0)
    codeclimate-test-reporter (0.5.0)
      simplecov (>= 0.7.1, < 1.0.0)
    coderay (1.1.1)
    coffee-rails (4.2.2)
      coffee-script (>= 2.2.0)
      railties (>= 4.0.0)
    coffee-script (2.4.1)
      coffee-script-source
      execjs
    coffee-script-source (1.12.2)
    concurrent-ruby (1.0.5)
    database_cleaner (1.6.1)
    debug_inspector (0.0.2)
    delayed_job (4.1.3)
      activesupport (>= 3.0, < 5.2)
    delayed_job_active_record (4.1.2)
      activerecord (>= 3.0, < 5.2)
      delayed_job (>= 3.0, < 5)
    derailed_benchmarks (1.3.2)
      benchmark-ips (~> 2)
      get_process_mem (~> 0)
      heapy (~> 0)
      memory_profiler (~> 0)
      rack (>= 1)
      rake (> 10, < 13)
      thor (~> 0.19)
    diff-lcs (1.2.5)
    docile (1.1.5)
    dotenv (2.2.1)
    dotenv-rails (2.2.1)
      dotenv (= 2.2.1)
      railties (>= 3.2, < 5.2)
    draper (3.0.0)
      actionpack (~> 5.0)
      activemodel (~> 5.0)
      activemodel-serializers-xml (~> 1.0)
      activesupport (~> 5.0)
      request_store (~> 1.0)
    erubi (1.6.1)
    erubis (2.7.0)
    excon (0.57.0)
    execjs (2.7.0)
    factory_girl (4.8.0)
      activesupport (>= 3.0.0)
    factory_girl_rails (4.8.0)
      factory_girl (~> 4.8.0)
      railties (>= 3.0.0)
    faker (1.6.3)
      i18n (~> 0.5)
    faraday (0.12.1)
      multipart-post (>= 1.2, < 3)
    ffi (1.9.10)
    font-awesome-sass (4.7.0)
      sass (>= 3.2)
    foreman (0.85.0)
      thor (~> 0.19.1)
    friendly_id (5.2.1)
      activerecord (>= 4.0.0)
    get_process_mem (0.2.1)
    globalid (0.4.0)
      activesupport (>= 4.2.0)
    haml (5.0.1)
      temple (>= 0.8.0)
      tilt
    haml-rails (1.0.0)
      actionpack (>= 4.0.1)
      activesupport (>= 4.0.1)
      haml (>= 4.0.6, < 6.0)
      html2haml (>= 1.0.1)
      railties (>= 4.0.1)
    hashie (3.5.5)
    heapy (0.1.2)
    html2haml (2.2.0)
      erubis (~> 2.7.0)
      haml (>= 4.0, < 6)
      nokogiri (>= 1.6.0)
      ruby_parser (~> 3.5)
    i18n (0.8.4)
    json (1.8.6)
    jwt (1.5.6)
    launchy (2.4.3)
      addressable (~> 2.3)
    listen (3.0.8)
      rb-fsevent (~> 0.9, >= 0.9.4)
      rb-inotify (~> 0.9, >= 0.9.7)
    loofah (2.0.3)
      nokogiri (>= 1.5.9)
    mail (2.6.6)
      mime-types (>= 1.16, < 4)
    mandrill-api (1.0.53)
      excon (>= 0.16.0, < 1.0)
      json (>= 1.7.7, < 2.0)
    mandrill_mailer (1.6.0)
      actionpack
      activejob
      activesupport
      mandrill-api (~> 1.0.9)
    memory_profiler (0.9.8)
    method_source (0.8.2)
    mime-types (3.1)
      mime-types-data (~> 3.2015)
    mime-types-data (3.2016.0521)
    mini_portile2 (2.2.0)
    minitest (5.10.2)
    multi_json (1.12.1)
    multi_xml (0.6.0)
    multipart-post (2.0.0)
    nio4r (2.1.0)
    nokogiri (1.8.0)
      mini_portile2 (~> 2.2.0)
    oauth2 (1.4.0)
      faraday (>= 0.8, < 0.13)
      jwt (~> 1.0)
      multi_json (~> 1.3)
      multi_xml (~> 0.5)
      rack (>= 1.2, < 3)
    omniauth (1.6.1)
      hashie (>= 3.4.6, < 3.6.0)
      rack (>= 1.6.2, < 3)
    omniauth-google-oauth2 (0.5.0)
      jwt (~> 1.5)
      multi_json (~> 1.3)
      omniauth (>= 1.1.1)
      omniauth-oauth2 (>= 1.3.1)
    omniauth-oauth2 (1.4.0)
      oauth2 (~> 1.0)
      omniauth (~> 1.2)
    pg (0.21.0)
    pg_search (2.0.1)
      activerecord (>= 4.2)
      activesupport (>= 4.2)
      arel (>= 6)
    powder (0.3.0)
      thor (>= 0.11.5)
    pry (0.10.3)
      coderay (~> 1.1.0)
      method_source (~> 0.8.1)
      slop (~> 3.4)
    pry-byebug (3.4.0)
      byebug (~> 9.0)
      pry (~> 0.10)
    pry-rails (0.3.4)
      pry (>= 0.9.10)
    pry-remote (0.1.8)
      pry (~> 0.9)
      slop (~> 3.0)
    public_suffix (2.0.5)
    puma (3.12.0)
    pygments.rb (1.1.1)
      multi_json (>= 1.0.0)
    rack (2.0.3)
    rack-test (0.6.3)
      rack (>= 1.0)
    rack-timeout (0.4.2)
    rails (5.1.2)
      actioncable (= 5.1.2)
      actionmailer (= 5.1.2)
      actionpack (= 5.1.2)
      actionview (= 5.1.2)
      activejob (= 5.1.2)
      activemodel (= 5.1.2)
      activerecord (= 5.1.2)
      activesupport (= 5.1.2)
      bundler (>= 1.3.0, < 2.0)
      railties (= 5.1.2)
      sprockets-rails (>= 2.0.0)
    rails-dom-testing (2.0.3)
      activesupport (>= 4.2.0)
      nokogiri (>= 1.6)
    rails-html-sanitizer (1.0.3)
      loofah (~> 2.0)
    rails_12factor (0.0.3)
      rails_serve_static_assets
      rails_stdout_logging
    rails_serve_static_assets (0.0.5)
    rails_stdout_logging (0.0.5)
    railties (5.1.2)
      actionpack (= 5.1.2)
      activesupport (= 5.1.2)
      method_source
      rake (>= 0.8.7)
      thor (>= 0.18.1, < 2.0)
    rake (12.0.0)
    rb-fsevent (0.10.3)
    rb-inotify (0.9.7)
      ffi (>= 0.5.0)
    redcarpet (3.3.4)
    redis (3.3.0)
    request_store (1.3.2)
    responders (2.4.0)
      actionpack (>= 4.2.0, < 5.3)
      railties (>= 4.2.0, < 5.3)
    rspec-core (3.5.0)
      rspec-support (~> 3.5.0)
    rspec-expectations (3.5.0)
      diff-lcs (>= 1.2.0, < 2.0)
      rspec-support (~> 3.5.0)
    rspec-mocks (3.5.0)
      diff-lcs (>= 1.2.0, < 2.0)
      rspec-support (~> 3.5.0)
    rspec-rails (3.5.0)
      actionpack (>= 3.0)
      activesupport (>= 3.0)
      railties (>= 3.0)
      rspec-core (~> 3.5.0)
      rspec-expectations (~> 3.5.0)
      rspec-mocks (~> 3.5.0)
      rspec-support (~> 3.5.0)
    rspec-support (3.5.0)
    ruby_parser (3.9.0)
      sexp_processor (~> 4.1)
    sass (3.4.24)
    sass-rails (5.0.6)
      railties (>= 4.0.0, < 6)
      sass (~> 3.1)
      sprockets (>= 2.8, < 4.0)
      sprockets-rails (>= 2.0, < 4.0)
      tilt (>= 1.1, < 3)
    sexp_processor (4.9.0)
    simple_form (3.5.0)
      actionpack (> 4, < 5.2)
      activemodel (> 4, < 5.2)
    simplecov (0.13.0)
      docile (~> 1.1.0)
      json (>= 1.8, < 3)
      simplecov-html (~> 0.10.0)
    simplecov-html (0.10.0)
    skylight (1.3.1)
      activesupport (>= 3.0.0)
    slack-notifier (2.2.2)
    slop (3.6.0)
    spring (1.7.2)
    spring-commands-rspec (1.0.4)
      spring (>= 0.9.1)
    spring-watcher-listen (2.0.0)
      listen (>= 2.7, < 4.0)
      spring (~> 1.2)
    sprockets (3.7.1)
      concurrent-ruby (~> 1.0)
      rack (> 1, < 3)
    sprockets-rails (3.2.0)
      actionpack (>= 4.0)
      activesupport (>= 4.0)
      sprockets (>= 3.0.0)
    stackprof (0.2.10)
    temple (0.8.0)
    thor (0.19.4)
    thread_safe (0.3.6)
    tilt (2.0.7)
    tzinfo (1.2.3)
      thread_safe (~> 0.1)
    uglifier (3.2.0)
      execjs (>= 0.3.0, < 3)
    uniform_notifier (1.10.0)
    websocket-driver (0.6.5)
      websocket-extensions (>= 0.1.0)
    websocket-extensions (0.1.2)
    xpath (2.1.0)
      nokogiri (~> 1.3)

PLATFORMS
  ruby

DEPENDENCIES
  activemodel-serializers-xml
  autoprefixer-rails
  awesome_print
  better_errors
  binding_of_caller
  bugsnag
  bullet
  capybara
  capybara-screenshot
  climate_control
  codeclimate-test-reporter
  coffee-rails (~> 4.2)
  database_cleaner
  delayed_job
  delayed_job_active_record
  derailed_benchmarks
  dotenv-rails
  draper (~> 3.0.0)
  factory_girl_rails
  faker
  font-awesome-sass
  foreman
  friendly_id
  haml-rails
  launchy
  listen
  mandrill_mailer
  omniauth
  omniauth-google-oauth2
  pg
  pg_search
  powder
  pry-byebug
  pry-rails
  pry-remote
  puma (~> 3.0)
  pygments.rb
  rack-timeout
  rails (~> 5.1.2)
  rails_12factor
  redcarpet (~> 3.3.4)
  redis (~> 3.0)
  responders (~> 2.0)
  rspec-rails
  sass-rails
  simple_form
  skylight
  slack-notifier
  spring
  spring-commands-rspec
  spring-watcher-listen
  stackprof
  uglifier

RUBY VERSION
   ruby 2.4.4p296

BUNDLED WITH
   1.16.2
